PATH
  remote: .
  specs:
    qprof (2.1.0)
      benchmark
      launchy
      ruby-prof
      ruby-prof-flamegraph
      securerandom

GEM
  remote: https://rubygems.org/
  specs:
    addressable (2.8.1)
      public_suffix (>= 2.0.2, < 6.0)
    benchmark (0.2.1)
    coderay (1.1.3)
    launchy (2.5.2)
      addressable (~> 2.8)
    matrix (0.4.2)
    method_source (1.0.0)
    pry (0.14.1)
      coderay (~> 1.1)
      method_source (~> 1.0)
    public_suffix (5.0.1)
    ruby-prof (0.18.0)
    ruby-prof-flamegraph (0.3.0)
      ruby-prof (~> 0.13)
    securerandom (0.2.2)

PLATFORMS
  arm64-darwin-21
  x86_64-darwin-21

DEPENDENCIES
  matrix
  pry
  qprof!

BUNDLED WITH
   2.2.3
