PATH
  remote: .
  specs:
    qprof (2.0.0)
      launchy
      securerandom
      stackprof

GEM
  remote: https://rubygems.org/
  specs:
    addressable (2.8.7)
      public_suffix (>= 2.0.2, < 7.0)
    childprocess (5.1.0)
      logger (~> 1.5)
    coderay (1.1.3)
    launchy (3.1.1)
      addressable (~> 2.8)
      childprocess (~> 5.0)
      logger (~> 1.6)
    logger (1.6.6)
    matrix (0.4.2)
    method_source (1.1.0)
    pry (0.15.2)
      coderay (~> 1.1)
      method_source (~> 1.0)
    public_suffix (6.0.1)
    securerandom (0.4.1)
    stackprof (0.2.27)

PLATFORMS
  arm64-darwin-21
  arm64-darwin-23
  arm64-darwin-24
  x86_64-darwin-21

DEPENDENCIES
  matrix
  pry
  qprof!

BUNDLED WITH
   2.2.3
